PATH
  remote: .
  specs:
    AWSAttachVolume (0.3.0)
      aws-sdk-ec2 (~> 1.438)
      nokogiri
      optparse-plus

GEM
  remote: https://rubygems.org/
  specs:
    aws-eventstream (1.3.0)
    aws-partitions (1.892.0)
    aws-sdk-core (3.191.2)
      aws-eventstream (~> 1, >= 1.3.0)
      aws-partitions (~> 1, >= 1.651.0)
      aws-sigv4 (~> 1.8)
      base64
      jmespath (~> 1, >= 1.6.1)
    aws-sdk-ec2 (1.438.0)
      aws-sdk-core (~> 3, >= 3.191.0)
      aws-sigv4 (~> 1.1)
    aws-sigv4 (1.8.0)
      aws-eventstream (~> 1, >= 1.0.2)
    base64 (0.2.0)
    jmespath (1.6.2)
    mini_portile2 (2.8.5)
    nokogiri (1.16.2)
      mini_portile2 (~> 2.8.2)
      racc (~> 1.4)
    optparse-plus (3.0.1)
      bundler
    racc (1.7.3)
    rake (13.1.0)

PLATFORMS
  ruby

DEPENDENCIES
  AWSAttachVolume!
  bundler (~> 2.5)
  rake (~> 13.0)

BUNDLED WITH
   2.5.6
